PATH
  remote: .
  specs:
    onepagecrm (0.2.0)
      faraday

GEM
  remote: https://rubygems.org/
  specs:
    coderay (1.1.3)
    faraday (1.7.1)
      faraday-em_http (~> 1.0)
      faraday-em_synchrony (~> 1.0)
      faraday-excon (~> 1.1)
      faraday-httpclient (~> 1.0.1)
      faraday-net_http (~> 1.0)
      faraday-net_http_persistent (~> 1.1)
      faraday-patron (~> 1.0)
      faraday-rack (~> 1.0)
      multipart-post (>= 1.2, < 3)
      ruby2_keywords (>= 0.0.4)
    faraday-em_http (1.0.0)
    faraday-em_synchrony (1.0.0)
    faraday-excon (1.1.0)
    faraday-httpclient (1.0.1)
    faraday-net_http (1.0.1)
    faraday-net_http_persistent (1.2.0)
    faraday-patron (1.0.0)
    faraday-rack (1.0.0)
    method_source (1.0.0)
    multipart-post (2.1.1)
    pry (0.14.1)
      coderay (~> 1.1)
      method_source (~> 1.0)
    rake (10.5.0)
    ruby2_keywords (0.0.5)

PLATFORMS
  ruby

DEPENDENCIES
  bundler (~> 2.2.18)
  onepagecrm!
  pry
  rake (~> 10.5)

BUNDLED WITH
   2.2.18
